PATH
  remote: .
  specs:
    timetrap_everhour (0.0.1)
      faraday (~> 0.15, >= 0.15.2)
      faraday_middleware (~> 0.12, >= 0.12.2)
      paint (~> 2.0, >= 2.0.1)
      timetrap (~> 1.7, >= 1.7.0)
      whirly (~> 0.2, >= 0.2.6)

GEM
  remote: https://rubygems.org/
  specs:
    chronic (0.10.2)
    coderay (1.1.2)
    diff-lcs (1.3)
    faraday (0.15.2)
      multipart-post (>= 1.2, < 3)
    faraday_middleware (0.12.2)
      faraday (>= 0.7.4, < 1.0)
    method_source (0.9.0)
    multipart-post (2.0.0)
    paint (2.0.1)
    pry (0.11.3)
      coderay (~> 1.1.0)
      method_source (~> 0.9.0)
    rspec (3.7.0)
      rspec-core (~> 3.7.0)
      rspec-expectations (~> 3.7.0)
      rspec-mocks (~> 3.7.0)
    rspec-core (3.7.1)
      rspec-support (~> 3.7.0)
    rspec-expectations (3.7.0)
      diff-lcs (>= 1.2.0, < 2.0)
      rspec-support (~> 3.7.0)
    rspec-mocks (3.7.0)
      diff-lcs (>= 1.2.0, < 2.0)
      rspec-support (~> 3.7.0)
    rspec-support (3.7.1)
    sequel (4.43.0)
    sqlite3 (1.3.13)
    timetrap (1.15.1)
      chronic (~> 0.10.2)
      sequel (~> 4.43.0)
      sqlite3 (~> 1.3.3)
    unicode-display_width (1.4.0)
    whirly (0.2.6)
      unicode-display_width (~> 1.1)

PLATFORMS
  ruby

DEPENDENCIES
  pry (~> 0.10, >= 0.10.0)
  rspec (~> 3.0, >= 3.0.0)
  timetrap_everhour!

BUNDLED WITH
   1.16.3
