PATH
  remote: .
  specs:
    timetrap_everhour (0.0.1)
      faraday (~> 0.15, >= 0.15.2)
      faraday_middleware (~> 0.12, >= 0.12.2)
      highline (~> 2.0, >= 2.0.0)
      paint (~> 2.0, >= 2.0.1)
      time_diff (~> 0.3, >= 0.3.0)
      timetrap (~> 1.7, >= 1.7.0)
      whirly (~> 0.2, >= 0.2.6)

GEM
  remote: https://rubygems.org/
  specs:
    activesupport (5.2.1)
      concurrent-ruby (~> 1.0, >= 1.0.2)
      i18n (>= 0.7, < 2)
      minitest (~> 5.1)
      tzinfo (~> 1.1)
    chronic (0.10.2)
    coderay (1.1.2)
    concurrent-ruby (1.0.5)
    diff-lcs (1.3)
    faraday (0.15.2)
      multipart-post (>= 1.2, < 3)
    faraday_middleware (0.12.2)
      faraday (>= 0.7.4, < 1.0)
    highline (2.0.0)
    i18n (1.1.0)
      concurrent-ruby (~> 1.0)
    method_source (0.9.0)
    minitest (5.11.3)
    multipart-post (2.0.0)
    paint (2.0.1)
    pry (0.11.3)
      coderay (~> 1.1.0)
      method_source (~> 0.9.0)
    rspec (3.8.0)
      rspec-core (~> 3.8.0)
      rspec-expectations (~> 3.8.0)
      rspec-mocks (~> 3.8.0)
    rspec-core (3.8.0)
      rspec-support (~> 3.8.0)
    rspec-expectations (3.8.1)
      diff-lcs (>= 1.2.0, < 2.0)
      rspec-support (~> 3.8.0)
    rspec-mocks (3.8.0)
      diff-lcs (>= 1.2.0, < 2.0)
      rspec-support (~> 3.8.0)
    rspec-support (3.8.0)
    sequel (4.43.0)
    sqlite3 (1.3.13)
    thread_safe (0.3.6)
    time_diff (0.3.0)
      activesupport
      i18n
    timetrap (1.15.1)
      chronic (~> 0.10.2)
      sequel (~> 4.43.0)
      sqlite3 (~> 1.3.3)
    tzinfo (1.2.5)
      thread_safe (~> 0.1)
    unicode-display_width (1.4.0)
    whirly (0.2.6)
      unicode-display_width (~> 1.1)

PLATFORMS
  ruby

DEPENDENCIES
  pry (~> 0.10, >= 0.10.0)
  rspec (~> 3.0, >= 3.0.0)
  timetrap_everhour!

BUNDLED WITH
   1.16.3
